GEM
  remote: https://rubygems.org/
  specs:
    activesupport (3.2.14)
      i18n (~> 0.6, >= 0.6.4)
      multi_json (~> 1.0)
    http_router (0.11.0)
      rack (>= 1.0.0)
      url_mount (~> 0.2.1)
    i18n (0.6.4)
    mail (2.5.4)
      mime-types (~> 1.16)
      treetop (~> 1.4.8)
    mime-types (1.23)
    minitest (2.6.2)
    multi_json (1.7.7)
    padrino (0.11.3)
      padrino-admin (= 0.11.3)
      padrino-cache (= 0.11.3)
      padrino-core (= 0.11.3)
      padrino-gen (= 0.11.3)
      padrino-helpers (= 0.11.3)
      padrino-mailer (= 0.11.3)
    padrino-admin (0.11.3)
      padrino-core (= 0.11.3)
      padrino-helpers (= 0.11.3)
    padrino-cache (0.11.3)
      padrino-core (= 0.11.3)
      padrino-helpers (= 0.11.3)
    padrino-core (0.11.3)
      activesupport (>= 3.1, < 4.0)
      http_router (~> 0.11.0)
      rack-protection (>= 1.5.0)
      sinatra (~> 1.4.2)
      thor (~> 0.17.0)
      tilt (~> 1.3.7)
    padrino-gen (0.11.3)
      bundler (~> 1.0)
      padrino-core (= 0.11.3)
    padrino-helpers (0.11.3)
      i18n (~> 0.6)
      padrino-core (= 0.11.3)
    padrino-mailer (0.11.3)
      mail (~> 2.5.3)
      padrino-core (= 0.11.3)
    polyglot (0.3.3)
    rack (1.5.2)
    rack-protection (1.5.0)
      rack
    rack-test (0.6.2)
      rack (>= 1.0)
    rake (10.1.0)
    sass (3.2.10)
    sinatra (1.4.3)
      rack (~> 1.4)
      rack-protection (~> 1.4)
      tilt (~> 1.3, >= 1.3.4)
    slim (2.0.1)
      temple (~> 0.6.6)
      tilt (>= 1.3.3, < 2.1)
    temple (0.6.6)
    thor (0.17.0)
    tilt (1.3.7)
    treetop (1.4.14)
      polyglot
      polyglot (>= 0.3.1)
    url_mount (0.2.1)
      rack

PLATFORMS
  ruby

DEPENDENCIES
  minitest (~> 2.6.0)
  padrino (= 0.11.3)
  rack-test
  rake
  sass
  slim
